GIT
  remote: http://github.com/ddollar/distributor.git
  revision: e7d4b7633d492905774913e05074cca3b3d4616e
  specs:
    distributor (0.1.2)
      thor (>= 0.13.6)

GEM
  remote: http://rubygems.org/
  specs:
    foreman (0.48.0.pre1)
      thor (>= 0.13.6)
    thor (0.15.2)

PLATFORMS
  ruby

DEPENDENCIES
  distributor!
  foreman (= 0.48.0.pre1)
