GEM
  remote: http://rubygems.org/
  specs:
    distributor (0.4.4)
      thor (>= 0.13.6)
    foreman (0.48.0.pre2)
      thor (>= 0.13.6)
    thor (0.15.3)

PLATFORMS
  ruby

DEPENDENCIES
  distributor
  foreman (= 0.48.0.pre2)
