GIT
  remote: http://github.com/ddollar/distributor.git
  revision: 51ddcfa99e2780cfda73d4fb8fb116143455833b
  specs:
    distributor (0.1.2)
      thor (>= 0.13.6)

GEM
  remote: http://rubygems.org/
  specs:
    foreman (0.48.0.pre1)
      thor (>= 0.13.6)
    thor (0.15.2)

PLATFORMS
  ruby

DEPENDENCIES
  distributor!
  foreman (= 0.48.0.pre1)
